PATH
  remote: .
  specs:
    termtter (1.9.0)
      highline (>= 1.5.0)
      json (>= 1.1.3)
      notify (>= 0.2.1)
      rubytter (>= 1.4.0)
      termcolor (>= 1.0.0)

GEM
  remote: http://rubygems.org/
  specs:
    git (1.2.5)
    highline (1.6.1)
    jeweler (1.5.2)
      bundler (~> 1.0.0)
      git (>= 1.2.5)
      rake
    json (1.5.1)
    notify (0.3.0)
    oauth (0.4.4)
    rake (0.8.7)
    rspec (1.3.1)
    rubytter (1.4.2)
      json (>= 1.1.3)
      oauth (>= 0.3.6)
    termcolor (1.2.1)
      highline (>= 1.5.0)

PLATFORMS
  ruby

DEPENDENCIES
  bundler (~> 1.0.0)
  jeweler (~> 1.5.2)
  rspec (~> 1.3.0)
  termtter!
