PATH
  remote: .
  specs:
    termtter (1.10.1)
      highline (>= 1.5.0)
      json (>= 1.1.3)
      notify (>= 0.2.1)
      rubytter (>= 1.4.0)
      termcolor (>= 1.0.0)

GEM
  remote: http://rubygems.org/
  specs:
    diff-lcs (1.1.3)
    git (1.2.5)
    highline (1.6.2)
    jeweler (1.5.2)
      bundler (~> 1.0.0)
      git (>= 1.2.5)
      rake
    json (1.5.4)
    notify (0.3.0)
    oauth (0.4.5)
    rake (0.8.7)
    rspec (2.0.1)
      rspec-core (~> 2.0.1)
      rspec-expectations (~> 2.0.1)
      rspec-mocks (~> 2.0.1)
    rspec-core (2.0.1)
    rspec-expectations (2.0.1)
      diff-lcs (>= 1.1.2)
    rspec-mocks (2.0.1)
      rspec-core (~> 2.0.1)
      rspec-expectations (~> 2.0.1)
    rubytter (1.4.2)
      json (>= 1.1.3)
      oauth (>= 0.3.6)
    termcolor (1.2.1)
      highline (>= 1.5.0)

PLATFORMS
  ruby

DEPENDENCIES
  bundler (~> 1.0.0)
  jeweler (~> 1.5.2)
  rspec (~> 2.0.0)
  termtter!
